GEM
  remote: https://rubygems.org/
  specs:
    dotenv (2.7.5)
    pg (1.2.2)
    rake (13.0.1)

PLATFORMS
  ruby

DEPENDENCIES
  dotenv
  pg
  rake

BUNDLED WITH
   2.1.4
